GIT
  remote: git://github.com/thoughtbot/shoulda-matchers.git
  revision: 8e68d99217fac5dedceeeba226ea1f2d9be01e1b
  specs:
    shoulda-matchers (3.0.1)
      activesupport (>= 4.0.0)

GEM
  remote: https://rubygems.org/
  specs:
    actionmailer (4.1.4)
      actionpack (= 4.1.4)
      actionview (= 4.1.4)
      mail (~> 2.5.4)
    actionpack (4.1.4)
      actionview (= 4.1.4)
      activesupport (= 4.1.4)
      rack (~> 1.5.2)
      rack-test (~> 0.6.2)
    actionview (4.1.4)
      activesupport (= 4.1.4)
      builder (~> 3.1)
      erubis (~> 2.7.0)
    active_model_serializers (0.8.3)
      activemodel (>= 3.0)
    activemodel (4.1.4)
      activesupport (= 4.1.4)
      builder (~> 3.1)
    activerecord (4.1.4)
      activemodel (= 4.1.4)
      activesupport (= 4.1.4)
      arel (~> 5.0.0)
    activesupport (4.1.4)
      i18n (~> 0.6, >= 0.6.9)
      json (~> 1.7, >= 1.7.7)
      minitest (~> 5.1)
      thread_safe (~> 0.1)
      tzinfo (~> 1.1)
    addressable (2.3.8)
    angular-rails-templates (0.2.0)
      railties (>= 3.1)
      sprockets (~> 2)
      tilt
    angular-ui-bootstrap-rails (0.14.3)
    angularjs-rails (1.4.7)
    arel (5.0.1.20140414130214)
    autoprefixer-rails (6.1.2)
      execjs
      json
    bcrypt (3.1.10)
    bootstrap-sass (3.3.5)
      autoprefixer-rails (>= 5.0.0.1)
      sass (>= 3.2.19)
    builder (3.2.2)
    cancancan (1.13.1)
    capybara (2.5.0)
      mime-types (>= 1.16)
      nokogiri (>= 1.3.3)
      rack (>= 1.0.0)
      rack-test (>= 0.5.4)
      xpath (~> 2.0)
    coffee-rails (4.0.1)
      coffee-script (>= 2.2.0)
      railties (>= 4.0.0, < 5.0)
    coffee-script (2.4.1)
      coffee-script-source
      execjs
    coffee-script-source (1.10.0)
    concurrent-ruby (1.0.0)
    connection_pool (2.2.0)
    crack (0.4.2)
      safe_yaml (~> 1.0.0)
    database_cleaner (1.5.1)
    devise (3.5.2)
      bcrypt (~> 3.0)
      orm_adapter (~> 0.1)
      railties (>= 3.2.6, < 5)
      responders
      thread_safe (~> 0.1)
      warden (~> 1.2.3)
    diff-lcs (1.2.5)
    erubis (2.7.0)
    excon (0.45.4)
    execjs (2.6.0)
    factory_girl (4.5.0)
      activesupport (>= 3.0.0)
    factory_girl_rails (4.5.0)
      factory_girl (~> 4.5.0)
      railties (>= 3.0.0)
    faker (1.6.1)
      i18n (~> 0.5)
    faraday (0.9.2)
      multipart-post (>= 1.2, < 3)
    haml (4.0.7)
      tilt
    haml-rails (0.9.0)
      actionpack (>= 4.0.1)
      activesupport (>= 4.0.1)
      haml (>= 4.0.6, < 5.0)
      html2haml (>= 1.0.1)
      railties (>= 4.0.1)
    has_scope (0.6.0)
      actionpack (>= 3.2, < 5)
      activesupport (>= 3.2, < 5)
    hashdiff (0.2.3)
    hashie (3.4.3)
    hike (1.2.3)
    html2haml (2.0.0)
      erubis (~> 2.7.0)
      haml (~> 4.0.0)
      nokogiri (~> 1.6.0)
      ruby_parser (~> 3.5)
    i18n (0.7.0)
    jbuilder (2.3.2)
      activesupport (>= 3.0.0, < 5)
      multi_json (~> 1.2)
    jquery-rails (3.1.4)
      railties (>= 3.0, < 5.0)
      thor (>= 0.14, < 2.0)
    json (1.8.3)
    jwt (1.5.2)
    kgio (2.10.0)
    libv8 (3.16.14.13)
    mail (2.5.4)
      mime-types (~> 1.16)
      treetop (~> 1.4.8)
    mandrill-api (1.0.53)
      excon (>= 0.16.0, < 1.0)
      json (>= 1.7.7, < 2.0)
    mandrill_mailer (1.1.0)
      actionpack
      activesupport
      mandrill-api (~> 1.0.9)
    mime-types (1.25.1)
    mini_portile2 (2.0.0)
    minitest (5.8.3)
    multi_json (1.11.2)
    multi_xml (0.5.5)
    multipart-post (2.0.0)
    nokogiri (1.6.7)
      mini_portile2 (~> 2.0.0.rc2)
    oauth2 (1.0.0)
      faraday (>= 0.8, < 0.10)
      jwt (~> 1.0)
      multi_json (~> 1.3)
      multi_xml (~> 0.5)
      rack (~> 1.2)
    omniauth (1.2.2)
      hashie (>= 1.2, < 4)
      rack (~> 1.0)
    omniauth-facebook (3.0.0)
      omniauth-oauth2 (~> 1.2)
    omniauth-google-oauth2 (0.2.10)
      addressable (~> 2.3)
      jwt (~> 1.0)
      multi_json (~> 1.3)
      omniauth (>= 1.1.1)
      omniauth-oauth2 (~> 1.3.1)
    omniauth-oauth2 (1.3.1)
      oauth2 (~> 1.0)
      omniauth (~> 1.2)
    orm_adapter (0.5.0)
    pg (0.18.4)
    polyglot (0.3.5)
    quiet_assets (1.1.0)
      railties (>= 3.1, < 5.0)
    rack (1.5.5)
    rack-test (0.6.3)
      rack (>= 1.0)
    rails (4.1.4)
      actionmailer (= 4.1.4)
      actionpack (= 4.1.4)
      actionview (= 4.1.4)
      activemodel (= 4.1.4)
      activerecord (= 4.1.4)
      activesupport (= 4.1.4)
      bundler (>= 1.3.0, < 2.0)
      railties (= 4.1.4)
      sprockets-rails (~> 2.0)
    railties (4.1.4)
      actionpack (= 4.1.4)
      activesupport (= 4.1.4)
      rake (>= 0.8.7)
      thor (>= 0.18.1, < 2.0)
    raindrops (0.15.0)
    rake (10.4.2)
    rdoc (4.2.0)
      json (~> 1.4)
    redis (3.2.2)
    ref (2.0.0)
    responders (1.1.2)
      railties (>= 3.2, < 4.2)
    rspec-core (3.4.1)
      rspec-support (~> 3.4.0)
    rspec-expectations (3.4.0)
      diff-lcs (>= 1.2.0, < 2.0)
      rspec-support (~> 3.4.0)
    rspec-mocks (3.4.0)
      diff-lcs (>= 1.2.0, < 2.0)
      rspec-support (~> 3.4.0)
    rspec-rails (3.4.0)
      actionpack (>= 3.0, < 4.3)
      activesupport (>= 3.0, < 4.3)
      railties (>= 3.0, < 4.3)
      rspec-core (~> 3.4.0)
      rspec-expectations (~> 3.4.0)
      rspec-mocks (~> 3.4.0)
      rspec-support (~> 3.4.0)
    rspec-support (3.4.1)
    ruby_parser (3.7.2)
      sexp_processor (~> 4.1)
    safe_yaml (1.0.4)
    sass (3.2.19)
    sass-rails (4.0.5)
      railties (>= 4.0.0, < 5.0)
      sass (~> 3.2.2)
      sprockets (~> 2.8, < 3.0)
      sprockets-rails (~> 2.0)
    sdoc (0.4.1)
      json (~> 1.7, >= 1.7.7)
      rdoc (~> 4.0)
    sexp_processor (4.6.0)
    sidekiq (4.0.1)
      concurrent-ruby (~> 1.0)
      connection_pool (~> 2.2, >= 2.2.0)
      json (~> 1.0)
      redis (~> 3.2, >= 3.2.1)
    spring (1.5.0)
    sprockets (2.12.4)
      hike (~> 1.2)
      multi_json (~> 1.0)
      rack (~> 1.0)
      tilt (~> 1.1, != 1.3.0)
    sprockets-rails (2.3.3)
      actionpack (>= 3.0)
      activesupport (>= 3.0)
      sprockets (>= 2.8, < 4.0)
    therubyracer (0.12.2)
      libv8 (~> 3.16.14.0)
      ref
    thor (0.19.1)
    thread_safe (0.3.5)
    tilt (1.4.1)
    timecop (0.8.0)
    treetop (1.4.15)
      polyglot
      polyglot (>= 0.3.1)
    turbolinks (2.5.3)
      coffee-rails
    tzinfo (1.2.2)
      thread_safe (~> 0.1)
    uglifier (2.7.2)
      execjs (>= 0.3.0)
      json (>= 1.8.0)
    unicorn (5.0.1)
      kgio (~> 2.6)
      rack
      raindrops (~> 0.7)
    unicorn-rails (2.2.0)
      rack
      unicorn
    warden (1.2.3)
      rack (>= 1.0)
    webmock (1.22.3)
      addressable (>= 2.3.6)
      crack (>= 0.3.2)
      hashdiff
    will_paginate (3.0.7)
    xpath (2.0.0)
      nokogiri (~> 1.3)

PLATFORMS
  ruby

DEPENDENCIES
  active_model_serializers (~> 0.8.0)
  angular-rails-templates
  angular-ui-bootstrap-rails
  angularjs-rails
  autoprefixer-rails
  bootstrap-sass (~> 3.3.1)
  cancancan (~> 1.9)
  capybara (>= 2.2.0)
  coffee-rails (~> 4.0.0)
  database_cleaner
  devise
  factory_girl_rails (~> 4.0)
  faker
  haml
  haml-rails
  has_scope
  jbuilder (~> 2.0)
  jquery-rails
  mandrill_mailer
  omniauth
  omniauth-facebook
  omniauth-google-oauth2
  omniauth-oauth2 (~> 1.3.1)
  pg
  quiet_assets
  rails (= 4.1.4)
  rspec-rails
  sass-rails (~> 4.0.3)
  sdoc (~> 0.4.0)
  shoulda-matchers!
  sidekiq
  spring
  therubyracer
  timecop
  turbolinks
  uglifier (>= 1.3.0)
  unicorn-rails
  webmock
  will_paginate (~> 3.0)
